PATH
  remote: .
  specs:
    fezzik (0.5.2.1)
      colorize (>= 0.5.8)
      rake (~> 0.8.7)
      rake-remote_task (~> 2.0.2)

GEM
  remote: http://rubygems.org/
  specs:
    colorize (0.5.8)
    open4 (1.3.0)
    rake (0.8.7)
    rake-remote_task (2.0.6)
      open4 (~> 1.0)
      rake (~> 0.8)

PLATFORMS
  ruby

DEPENDENCIES
  fezzik!
